PATH
  remote: .
  specs:
    ts-admin (0.2.0)
      ramaze (>= 2.0.0)

GEM
  remote: https://rubygems.org/
  specs:
    innate (2013.02.21)
      rack (~> 1.5.2)
    rack (1.5.2)
    rake (10.0.4)
    ramaze (2012.12.08)
      innate (>= 2012.12)
      rake

PLATFORMS
  ruby

DEPENDENCIES
  bundler (~> 1.3)
  rake
  ts-admin!
